GEM
  remote: https://rubygems.org/
  specs:
    byebug (11.0.1)
    rubyvis (0.7.0)

PLATFORMS
  ruby

DEPENDENCIES
  byebug
  rubyvis

BUNDLED WITH
   1.17.2
